GIT
  remote: git@github.com:shell/sinatra-activerecord.git
  revision: 4f147aba8e9bd4fd3f321191a2d6ca3974f62345
  specs:
    sinatra-activerecord (0.1.3)
      sinatra (>= 0.9.4)

GEM
  remote: http://rubygems.org/
  specs:
    activemodel (3.2.2)
      activesupport (= 3.2.2)
      builder (~> 3.0.0)
    activerecord (3.2.2)
      activemodel (= 3.2.2)
      activesupport (= 3.2.2)
      arel (~> 3.0.2)
      tzinfo (~> 0.3.29)
    activesupport (3.2.2)
      i18n (~> 0.6)
      multi_json (~> 1.0)
    arel (3.0.2)
    builder (3.0.0)
    daemons (1.1.8)
    eventmachine (0.12.10)
    foreman (0.40.0)
      term-ansicolor (~> 1.0.7)
      thor (>= 0.13.6)
    i18n (0.6.0)
    multi_json (1.1.0)
    pg (0.13.2)
    rack (1.4.1)
    shotgun (0.9)
      rack (>= 1.0)
    sinatra (1.1.0)
      rack (~> 1.1)
      tilt (~> 1.1)
    sqlite3 (1.3.5)
    term-ansicolor (1.0.7)
    thin (1.2.7)
      daemons (>= 1.0.9)
      eventmachine (>= 0.12.6)
      rack (>= 1.0.0)
    thor (0.14.6)
    tilt (1.3.3)
    tzinfo (0.3.32)

PLATFORMS
  ruby

DEPENDENCIES
  activerecord
  foreman
  pg
  shotgun
  sinatra (= 1.1.0)
  sinatra-activerecord!
  sqlite3
  thin (= 1.2.7)
